GEM
  remote: https://rubygems.org/
  specs:
    activesupport (3.2.21)
      i18n (~> 0.6, >= 0.6.4)
      multi_json (~> 1.0)
    couchrest (1.1.3)
      mime-types (~> 1.15)
      multi_json (~> 1.0)
      rest-client (~> 1.6.1)
    daemons (1.1.9)
    diff-lcs (1.1.3)
    eventmachine (1.0.6)
    haml (3.0.25)
    i18n (0.7.0)
    json (1.4.6)
    json_pure (1.4.6)
    mail (2.6.3)
      mime-types (>= 1.16, < 3)
    mime-types (1.25.1)
    multi_json (1.10.1)
    nokogiri (1.4.4)
    pony (1.2)
      mail (> 2.0)
    prompt (1.2.2)
    rack (1.3.0)
    rack-ssl-enforcer (0.2.8)
    rack-test (0.6.0)
      rack (>= 1.0)
    rake (0.8.7)
    rdoc (4.2.0)
      json (~> 1.4)
    rest-client (1.6.8)
      mime-types (~> 1.16)
      rdoc (>= 2.4.2)
    rspec (2.6.0)
      rspec-core (~> 2.6.0)
      rspec-expectations (~> 2.6.0)
      rspec-mocks (~> 2.6.0)
    rspec-core (2.6.4)
    rspec-expectations (2.6.0)
      diff-lcs (~> 1.1.2)
    rspec-mocks (2.6.0)
    sinatra (1.1.0)
      rack (~> 1.1)
      tilt (~> 1.1)
    sinatra-flash (0.3.0)
      sinatra (>= 1.0.0)
    thin (1.2.11)
      daemons (>= 1.0.9)
      eventmachine (>= 0.12.6)
      rack (>= 1.0.0)
    tilt (1.4.1)

PLATFORMS
  ruby

DEPENDENCIES
  activesupport (~> 3.2)
  couchrest (~> 1.1.0)
  haml (= 3.0.25)
  json (= 1.4.6)
  json_pure (= 1.4.6)
  multi_json (= 1.10.1)
  nokogiri (= 1.4.4)
  pony (= 1.2)
  prompt (~> 1.2.0)
  rack (= 1.3.0)
  rack-ssl-enforcer
  rack-test (= 0.6.0)
  rake (= 0.8.7)
  rspec (= 2.6.0)
  rspec-core (= 2.6.4)
  sinatra (= 1.1.0)
  sinatra-flash
  thin (= 1.2.11)
